PATH
  remote: .
  specs:
    ooyala-cli (0.0.1)
      gli (= 2.11.0)
      ooyala-v2-api (= 0.0.3)

GEM
  remote: https://rubygems.org/
  specs:
    aruba (0.6.0)
      childprocess (>= 0.3.6)
      cucumber (>= 1.1.1)
      rspec-expectations (>= 2.7.0)
    builder (3.2.2)
    childprocess (0.5.3)
      ffi (~> 1.0, >= 1.0.11)
    cucumber (1.3.15)
      builder (>= 2.1.2)
      diff-lcs (>= 1.1.3)
      gherkin (~> 2.12)
      multi_json (>= 1.7.5, < 2.0)
      multi_test (>= 0.1.1)
    diff-lcs (1.2.5)
    ffi (1.9.3)
    gherkin (2.12.2)
      multi_json (~> 1.3)
    gli (2.11.0)
    json (1.8.1)
    mime-types (2.3)
    multi_json (1.10.1)
    multi_test (0.1.1)
    ooyala-v2-api (0.0.3)
      json
      json
      rake
      rdoc
      rest-client (~> 1.6.6)
      rest-client (~> 1.6.6)
    rake (10.3.2)
    rdoc (4.1.1)
      json (~> 1.4)
    rest-client (1.6.7)
      mime-types (>= 1.16)
    rspec-expectations (3.0.2)
      diff-lcs (>= 1.2.0, < 2.0)
      rspec-support (~> 3.0.0)
    rspec-support (3.0.2)

PLATFORMS
  ruby

DEPENDENCIES
  aruba
  ooyala-cli!
  rake
  rdoc
